GEM
  remote: https://rubygems.org/
  specs:
    nio4r (2.5.9)
    puma (6.3.0)
      nio4r (~> 2.0)
    rack (3.0.8)

PLATFORMS
  x86_64-darwin-22

DEPENDENCIES
  puma
  rack

BUNDLED WITH
   2.3.7
